GEM
  remote: https://rubygems.org/
  specs:
    activemodel (5.2.6)
      activesupport (= 5.2.6)
    activesupport (5.2.6)
      concurrent-ruby (~> 1.0, >= 1.0.2)
      i18n (>= 0.7, < 2)
      minitest (~> 5.1)
      tzinfo (~> 1.1)
    amq-protocol (2.3.2)
    amqp (1.8.0)
      amq-protocol (>= 2.2.0)
      eventmachine
    better-faraday (1.0.8)
      activesupport (>= 4.0, < 6.0)
      faraday (~> 0.12)
    bump (0.10.0)
    bunny (2.19.0)
      amq-protocol (~> 2.3, >= 2.3.1)
      sorted_set (~> 1, >= 1.0.2)
    clamp (1.3.2)
    concurrent-ruby (1.1.9)
    connection_pool (2.2.5)
    diff-lcs (1.4.4)
    em-websocket (0.5.3)
      eventmachine (>= 0.12.9)
      http_parser.rb (~> 0)
    eventmachine (1.2.7)
    faraday (0.15.4)
      multipart-post (>= 1.2, < 3)
    http_parser.rb (0.8.0)
    i18n (1.8.11)
      concurrent-ruby (~> 1.0)
    jwt (2.3.0)
    memoist (0.16.2)
    minitest (5.14.4)
    multipart-post (2.1.1)
    mustermann (1.1.1)
      ruby2_keywords (~> 0.0.1)
    mysql2 (0.5.3)
    net-http-persistent (3.0.1)
      connection_pool (~> 2.2)
    nio4r (2.5.8)
    peatio (0.6.3)
      activemodel (> 5.2, <= 6.0.0)
      amqp
      bunny
      clamp
      em-websocket
      eventmachine
      jwt
      mysql2
    peatio-dogecoin (0.2.56)
      activesupport (~> 5.2.3)
      better-faraday (~> 1.0.5)
      faraday (~> 0.15.4)
      memoist (~> 0.16.0)
      peatio (~> 0.6.1)
    peatio-ripple (0.1.2)
      activesupport (~> 5.2.3)
      better-faraday (~> 1.0.5)
      faraday (~> 0.15.4)
      memoist (~> 0.16.0)
      net-http-persistent (~> 3.0.1)
      peatio (~> 0.6.3)
    puma (5.5.2)
      nio4r (~> 2.0)
    rack (2.2.3)
    rack-protection (2.1.0)
      rack
    rake (13.0.6)
    rbtree (0.4.4)
    rspec (3.10.0)
      rspec-core (~> 3.10.0)
      rspec-expectations (~> 3.10.0)
      rspec-mocks (~> 3.10.0)
    rspec-core (3.10.1)
      rspec-support (~> 3.10.0)
    rspec-expectations (3.10.1)
      diff-lcs (>= 1.2.0, < 2.0)
      rspec-support (~> 3.10.0)
    rspec-mocks (3.10.2)
      diff-lcs (>= 1.2.0, < 2.0)
      rspec-support (~> 3.10.0)
    rspec-support (3.10.3)
    ruby2_keywords (0.0.5)
    set (1.0.2)
    sinatra (2.1.0)
      mustermann (~> 1.0)
      rack (~> 2.2)
      rack-protection (= 2.1.0)
      tilt (~> 2.0)
    sorted_set (1.0.3)
      rbtree
      set (~> 1.0)
    sshkey (2.0.0)
    thread_safe (0.3.6)
    tilt (2.0.10)
    tzinfo (1.2.9)
      thread_safe (~> 0.1)

PLATFORMS
  x86_64-linux

DEPENDENCIES
  bump
  faraday (~> 0.15.4)
  jwt
  peatio-dogecoin (~> 0.2.56)
  peatio-ripple (~> 0.1.1)
  puma
  rack
  rake
  rspec
  sinatra
  sshkey

RUBY VERSION
   ruby 2.6.6p146

BUNDLED WITH
   2.2.31
